GEM
  remote: http://rubygems.org/
  specs:
    activesupport (3.0.1)
    compass (0.10.6)
      haml (>= 3.0.4)
    grid-coordinates (1.1.3)
      compass (>= 0.10.5)
    haml (3.2.0.alpha.3)
    i18n (0.4.2)
    maruku (0.6.0)
      syntax (>= 1.0.0)
    meyer-reset (2.0.0)
      compass (>= 0.10.5)
    rack (1.2.1)
    serve (1.0.0)
      activesupport (~> 3.0.1)
      i18n (~> 0.4.1)
      rack (~> 1.2.1)
      tzinfo (~> 0.3.23)
    syntax (1.0.0)
    tzinfo (0.3.23)

PLATFORMS
  ruby

DEPENDENCIES
  grid-coordinates (>= 1.1.3)
  haml (>= 3.1.alpha.214)
  maruku (>= 0.6.0)
  meyer-reset (>= 2.0.0)
  serve (>= 1.0.0)
